GEM
  remote: http://rubygems.org/
  specs:
    highline (1.6.11)

PLATFORMS
  ruby

DEPENDENCIES
  highline
