GEM
  remote: http://rubygems.org/
  specs:
    color-tools (1.3.0)
    highline (1.6.11)

PLATFORMS
  ruby

DEPENDENCIES
  color-tools
  highline
